PATH
  remote: .
  specs:
    capybara (0.4.1.rc)
      celerity (>= 0.7.9)
      culerity (>= 0.2.4)
      mime-types (>= 1.16)
      nokogiri (>= 1.3.3)
      rack (>= 1.0.0)
      rack-test (>= 0.5.4)
      selenium-webdriver (>= 0.0.27)
      xpath (~> 0.1.3)

PATH
  remote: xpath
  specs:
    xpath (0.1.3)
      nokogiri (~> 1.3)

GEM
  remote: http://rubygems.org/
  specs:
    celerity (0.8.7)
    childprocess (0.1.6)
      ffi (~> 0.6.3)
    configuration (1.2.0)
    culerity (0.2.15)
    diff-lcs (1.1.2)
    ffi (0.6.3-java)
    fuubar (0.0.3)
      rspec (~> 2.0)
      rspec-instafail (~> 0.1.4)
      ruby-progressbar (~> 0.0.9)
    json_pure (1.4.6)
    launchy (0.3.7)
      configuration (>= 0.0.5)
      rake (>= 0.8.1)
    mime-types (1.16)
    nokogiri (1.4.4-java)
      weakling (>= 0.0.3)
    rack (1.2.1)
    rack-test (0.5.7)
      rack (>= 1.0)
    rake (0.8.7)
    rspec (2.4.0)
      rspec-core (~> 2.4.0)
      rspec-expectations (~> 2.4.0)
      rspec-mocks (~> 2.4.0)
    rspec-core (2.4.0)
    rspec-expectations (2.4.0)
      diff-lcs (~> 1.1.2)
    rspec-instafail (0.1.5)
    rspec-mocks (2.4.0)
    ruby-progressbar (0.0.9)
    rubyzip (0.9.4)
    selenium-webdriver (0.1.2)
      childprocess (~> 0.1.5)
      ffi (~> 0.6.3)
      json_pure
      rubyzip
    sinatra (1.1.2)
      rack (~> 1.1)
      tilt (~> 1.2)
    tilt (1.2.2)
    weakling (0.0.4-java)
    yard (0.6.4)

PLATFORMS
  java
  ruby

DEPENDENCIES
  bundler (~> 1.0)
  capybara!
  celerity (>= 0.7.9)
  culerity (>= 0.2.4)
  fuubar (>= 0.0.1)
  launchy (>= 0.3.5)
  mime-types (>= 1.16)
  nokogiri (>= 1.3.3)
  rack (>= 1.0.0)
  rack-test (>= 0.5.4)
  rspec (>= 2.0.0)
  selenium-webdriver (>= 0.0.27)
  sinatra (>= 0.9.4)
  xpath!
  yard (>= 0.5.8)
